GEM
  remote: https://rubygems.org/
  specs:
    google-protobuf (3.23.2-aarch64-linux)
    googleapis-common-protos-types (1.6.0)
      google-protobuf (~> 3.14)
    grpc (1.55.0)
      google-protobuf (~> 3.23)
      googleapis-common-protos-types (~> 1.0)
    grpc-tools (1.55.0)

PLATFORMS
  aarch64-linux

DEPENDENCIES
  grpc
  grpc-tools

BUNDLED WITH
   2.4.13
